NUGET
  remote: https://www.nuget.org/api/v2
  specs:
    FSharp.Compiler.Service (3.0)
    FSharp.Core (4.0.0.1) - redirects: force

GROUP Build
NUGET
  remote: https://www.nuget.org/api/v2
  specs:
    FAKE (4.26)
    FAKE.Lib (4.26)
    FAKE.Persimmon (1.0.4)
      FAKE.Lib (>= 4.1)
      Persimmon.Console (>= 1.0.2)
    FSharp.Compiler.Service (2.0.0.6)
    FSharp.Formatting (2.14.2)
      FSharp.Compiler.Service (2.0.0.6)
      FSharpVSPowerTools.Core (>= 2.3 < 2.4)
    FSharpVSPowerTools.Core (2.3)
      FSharp.Compiler.Service (>= 2.0.0.3)
    Microsoft.Bcl (1.1.10) - framework: net10, net11, net20, net30, net35, net40, net40-full
      Microsoft.Bcl.Build (>= 1.0.14)
    Microsoft.Bcl.Build (1.0.21) - import_targets: false, framework: net10, net11, net20, net30, net35, net40, net40-full
    Microsoft.Net.Http (2.2.29) - framework: net10, net11, net20, net30, net35, net40, net40-full
      Microsoft.Bcl (>= 1.1.10)
      Microsoft.Bcl.Build (>= 1.0.14)
    Octokit (0.19)
      Microsoft.Net.Http  - framework: net10, net11, net20, net30, net35, net40, net40-full
    Persimmon.Console (1.1)
    SourceLink.Fake (1.1)
GITHUB
  remote: fsharp/FAKE
  specs:
    modules/Octokit/Octokit.fsx (32e262c11174b196dc8af16a577c8c3aa0ab0b2b)
      Octokit
GROUP Test
NUGET
  remote: https://www.nuget.org/api/v2
  specs:
    Persimmon (1.1)
